GEM
  remote: https://rubygems.org/
  specs:
    awesome_print (1.8.0)
    bond (0.5.1)
    coderay (1.1.2)
    data_uri (0.1.0)
    ffi (1.12.2)
    ffi-rzmq (2.0.7)
      ffi-rzmq-core (>= 1.0.7)
    ffi-rzmq-core (1.0.7)
      ffi
    gnuplot (2.6.2)
    iruby (0.4.0)
      bond (~> 0.5)
      data_uri (~> 0.1)
      mimemagic (~> 0.3)
      multi_json (~> 1.11)
    method_source (1.0.0)
    mimemagic (0.3.5)
    multi_json (1.14.1)
    nyaplot (0.1.6)
    pry (0.13.1)
      coderay (~> 1.1)
      method_source (~> 1.0)
    pry-doc (1.1.0)
      pry (~> 0.11)
      yard (~> 0.9.11)
    rubyvis (0.7.0)
    yard (0.9.25)

PLATFORMS
  ruby

DEPENDENCIES
  awesome_print
  ffi-rzmq
  gnuplot
  iruby
  nyaplot
  pry
  pry-doc
  rubyvis

BUNDLED WITH
   2.1.4
